GIT
  remote: https://github.com/2BeDigital/solidus_import_products.git
  revision: 757b6e980d694d721c48fa1339fab3cfdde7ec17
  specs:
    solidus_import_products (2.0.0)
      deface
      solidus_auth_devise
      solidus_core (>= 2.0)
      solidus_support

GIT
  remote: https://github.com/akshay2408/multi_fetch_fragments.git
  revision: 12cbcb32ed49b1fa2afd1957359430025149d19e
  specs:
    multi_fetch_fragments (0.0.17)

GIT
  remote: https://github.com/jtapia/better_solidus_paypal_express.git
  revision: 1feaf6552a014aa269b31349f1cb66c4e7da8926
  specs:
    solidus_paypal_express (2.0.0.beta)
      paypal-sdk-merchant (= 1.106.1)
      solidus_core (>= 1.2.0, < 3)

GIT
  remote: https://github.com/jtapia/solidus_active_shipping.git
  revision: cd06852831b16ce8fa6477224e0bd27159533322
  specs:
    solidus_active_shipping (1.0.1)
      active_shipping (~> 1.13)
      solidus_api (> 1.0, < 3)
      solidus_backend (> 1.0, < 3)
      solidus_core (> 1.0, < 3)
      solidus_support

GIT
  remote: https://github.com/jtapia/solidus_conekta.git
  revision: 4a707a14bf5d1334f677d4889004007579278c7a
  specs:
    solidus_conekta (1.1.1)
      activemerchant (~> 1.48, != 1.59.0, != 1.58.0)
      celluloid (~> 0.16)
      deface (~> 1.0)
      devise (~> 4.1)
      faraday (~> 0.8)
      faraday_middleware (~> 0.10)
      oj (~> 3.0)
      solidus_core (>= 1.2.0, < 3)
      solidus_support (>= 0.1.3)
      typhoeus (~> 0.6)

GIT
  remote: https://github.com/jtapia/solidus_dynamic_sitemaps.git
  revision: 1036b4ce13dfce822e23ef2fdac9a0e0f3302cf0
  specs:
    solidus_dynamic_sitemaps (1.0)
      sitemap_generator (~> 5.1.0)
      solidus_core (>= 1.2.0, < 3)
      solidus_support (>= 0.1.3)

GIT
  remote: https://github.com/jtapia/solidus_newsletter.git
  revision: 4eddc6f0bf9cec3d012519485afc2582a68b9ab9
  specs:
    solidus_newsletter (1.0)
      solidus_core (>= 1.0, < 3)
      solidus_support

GIT
  remote: https://github.com/jtapia/solidus_slider.git
  revision: 019d3e9da054afe86e1d4c0d9108fd002b8d65bb
  specs:
    solidus_slider (1.0)
      jbuilder (~> 2.6)
      kaminari (>= 0.17, < 2.0)
      solidus_api (>= 1.2, < 3)
      solidus_backend (>= 1.2, < 3)
      solidus_core (>= 1.2, < 3)
      solidus_support

GIT
  remote: https://github.com/magma-labs/solidus_99minutos.git
  revision: 04fbc4a7012a2d6d2bdda64d303e2dc009fc6802
  branch: check-for-blocked-account
  specs:
    solidus_99minutos (1.0)
      active_shipping
      solidus_api (>= 1.0, < 3)
      solidus_backend (>= 1.0, < 3)
      solidus_core (>= 1.0, < 3)
      solidus_support

GIT
  remote: https://github.com/magma-labs/solidus_banorte_payworks.git
  revision: 049e4a843e42cf3927c1866b39ada4a6a8fefcd6
  specs:
    solidus_banorte_payworks (0.1)
      solidus_core (>= 2.0.0)

GIT
  remote: https://github.com/magma-labs/solidus_simple_dash.git
  revision: a3001dc465cc150a39b80cad21da6ef896790d18
  specs:
    solidus_simple_dash (1.0.0)
      deface
      jqplot-rails
      solidus_auth_devise (>= 1.0, < 3)
      solidus_core (>= 1.0, < 3)
      solidus_support

GIT
  remote: https://github.com/nebulab/solidus_sale_prices.git
  revision: 87286327b0b737f9632b8501f8b5e43771bc0f19
  specs:
    solidus_sale_prices (1.4.0)
      solidus_api (>= 1.0, < 3)
      solidus_backend (>= 1.0, < 3)
      solidus_core (>= 1.0, < 3)
      solidus_support (~> 0.2)

GIT
  remote: https://github.com/ngelx/solidus_mercado_pago.git
  revision: 4dca1a2cbafca69c78a675c9c679ebc022d2cb2c
  specs:
    solidus_mercado_pago (1.0.1)
      bootstrap-sass (>= 3.3.5.1, < 3.4)
      canonical-rails (~> 0.2.0)
      jquery-rails (~> 4.1)
      rest-client (~> 2.0)
      solidus_core (~> 2.4)
      solidus_support (~> 0)

GIT
  remote: https://github.com/solidusio-contrib/solidus_i18n.git
  revision: 04615ecafe534d21326434937f7e7818ff380105
  specs:
    solidus_i18n (1.2.0)
      deface (~> 1.0)
      i18n_data (~> 0.7.0)
      kaminari-i18n (~> 0.3.2)
      rails-i18n (>= 4.0.1, < 6)
      routing-filter (~> 0.6.0)
      solidus_core (>= 1.1, < 3)
      solidus_support

GIT
  remote: https://github.com/solidusio-contrib/solidus_print_invoice.git
  revision: 8de9ad6507e3a7edb8fcfeb6789ab65e4889418d
  specs:
    solidus_print_invoice (1.0.2)
      deface
      prawn (= 1.0.0)
      solidus (>= 1.0, < 3)
      solidus_support

GIT
  remote: https://github.com/solidusio-contrib/solidus_related_products.git
  revision: ed6ca3b0d75628bf580feb735d1a4a0937f77c70
  specs:
    solidus_related_products (1.1.0)
      deface (~> 1.0)
      solidus_backend (>= 1.0, < 3)
      solidus_support

GIT
  remote: https://github.com/solidusio-contrib/solidus_reviews.git
  revision: cad1bc75785d8c963da88be7020aa4f842c99b67
  specs:
    solidus_reviews (1.0.0)
      deface (~> 1)
      solidus (>= 1.4, < 3)
      solidus_auth_devise (>= 1.0, < 3)
      solidus_support (~> 0.1)

GIT
  remote: https://github.com/solidusio-contrib/solidus_static_content.git
  revision: 0b2663c2ff73d4cd9a0a3fb27b837e6a1fc5a4d9
  specs:
    solidus_static_content (1.0.0)
      deface (~> 1.0)
      solidus (>= 1.1, < 3)
      solidus_support

GIT
  remote: https://github.com/solidusio-contrib/solidus_trackers.git
  revision: 4c3b574bce676ac21b0c62560d97283f7c79f160
  specs:
    solidus_trackers (1.1.0)
      solidus_core (>= 2.1.0.alpha, < 3)
      solidus_support

GIT
  remote: https://github.com/solidusio/solidus.git
  revision: 6a3c43d31d3ea6ddd9ad9644d93359042a6ba02d
  specs:
    solidus (2.5.0.alpha)
      solidus_api (= 2.5.0.alpha)
      solidus_backend (= 2.5.0.alpha)
      solidus_core (= 2.5.0.alpha)
      solidus_frontend (= 2.5.0.alpha)
      solidus_sample (= 2.5.0.alpha)
    solidus_api (2.5.0.alpha)
      jbuilder (~> 2.6)
      kaminari (>= 0.17, < 2.0)
      responders
      solidus_core (= 2.5.0.alpha)
    solidus_backend (2.5.0.alpha)
      autoprefixer-rails (~> 7.1)
      bourbon (>= 4, < 6)
      coffee-rails
      font-awesome-rails (~> 4.0)
      handlebars_assets (~> 0.23)
      jbuilder (~> 2.6)
      jquery-rails
      jquery-ui-rails (~> 5.0.0)
      kaminari (>= 0.17, < 2.0)
      sass-rails
      solidus_api (= 2.5.0.alpha)
      solidus_core (= 2.5.0.alpha)
    solidus_core (2.5.0.alpha)
      actionmailer (~> 5.1.0)
      actionpack (~> 5.1.0)
      actionview (~> 5.1.0)
      activejob (~> 5.1.0)
      activemerchant (~> 1.66)
      activemodel (~> 5.1.0)
      activerecord (~> 5.1.0)
      activesupport (~> 5.1.0)
      acts_as_list (~> 0.3)
      awesome_nested_set (~> 3.0, >= 3.0.1)
      cancancan (~> 1.10)
      carmen (~> 1.1.0)
      friendly_id (~> 5.0)
      kaminari (>= 0.17, < 2.0)
      monetize (~> 1.1)
      paperclip (>= 4.2, < 6)
      paranoia (~> 2.3)
      railties (~> 5.1.0)
      ransack (~> 1.8)
      state_machines-activerecord (~> 0.4)
      stringex (~> 1.5.1)
    solidus_frontend (2.5.0.alpha)
      canonical-rails (~> 0.2.0)
      coffee-rails
      font-awesome-rails (~> 4.0)
      jquery-rails
      kaminari (>= 0.17, < 2.0)
      sass-rails
      solidus_api (= 2.5.0.alpha)
      solidus_core (= 2.5.0.alpha)
      truncate_html (~> 0.9, >= 0.9.2)
    solidus_sample (2.5.0.alpha)
      solidus_core (= 2.5.0.alpha)

GIT
  remote: https://github.com/solidusio/solidus_auth_devise.git
  revision: 01459b4339b0130241886bbcc3b35af1853f1e74
  specs:
    solidus_auth_devise (2.1.0)
      devise (~> 4.1)
      devise-encryptable (= 0.2.0)
      solidus_core (>= 1.2.0, < 3)
      solidus_support (>= 0.1.3)

GEM
  remote: https://rubygems.org/
  specs:
    actioncable (5.1.6)
      actionpack (= 5.1.6)
      nio4r (~> 2.0)
      websocket-driver (~> 0.6.1)
    actionmailer (5.1.6)
      actionpack (= 5.1.6)
      actionview (= 5.1.6)
      activejob (= 5.1.6)
      mail (~> 2.5, >= 2.5.4)
      rails-dom-testing (~> 2.0)
    actionpack (5.1.6)
      actionview (= 5.1.6)
      activesupport (= 5.1.6)
      rack (~> 2.0)
      rack-test (>= 0.6.3)
      rails-dom-testing (~> 2.0)
      rails-html-sanitizer (~> 1.0, >= 1.0.2)
    actionview (5.1.6)
      activesupport (= 5.1.6)
      builder (~> 3.1)
      erubi (~> 1.4)
      rails-dom-testing (~> 2.0)
      rails-html-sanitizer (~> 1.0, >= 1.0.3)
    active_shipping (1.14.2)
      active_utils (~> 3.3.1)
      activesupport (>= 3.2, < 5.2.0)
      nokogiri (>= 1.6.8)
      quantified (~> 1.0.1)
    active_utils (3.3.12)
      activesupport (>= 3.2, < 6.0)
      i18n
    activejob (5.1.6)
      activesupport (= 5.1.6)
      globalid (>= 0.3.6)
    activemerchant (1.83.0)
      activesupport (>= 4.2, < 6.x)
      builder (>= 2.1.2, < 4.0.0)
      i18n (>= 0.6.9)
      nokogiri (~> 1.4)
    activemodel (5.1.6)
      activesupport (= 5.1.6)
    activerecord (5.1.6)
      activemodel (= 5.1.6)
      activesupport (= 5.1.6)
      arel (~> 8.0)
    activesupport (5.1.6)
      concurrent-ruby (~> 1.0, >= 1.0.2)
      i18n (>= 0.7, < 2)
      minitest (~> 5.1)
      tzinfo (~> 1.1)
    acts_as_list (0.9.16)
      activerecord (>= 3.0)
    addressable (2.5.2)
      public_suffix (>= 2.0.2, < 4.0)
    arel (8.0.0)
    ast (2.4.0)
    autoprefixer-rails (7.2.6)
      execjs
    awesome_nested_set (3.1.4)
      activerecord (>= 4.0.0, < 5.3)
    aws-eventstream (1.0.1)
    aws-partitions (1.104.0)
    aws-sdk-core (3.27.0)
      aws-eventstream (~> 1.0)
      aws-partitions (~> 1.0)
      aws-sigv4 (~> 1.0)
      jmespath (~> 1.0)
    aws-sdk-kms (1.9.0)
      aws-sdk-core (~> 3, >= 3.26.0)
      aws-sigv4 (~> 1.0)
    aws-sdk-s3 (1.8.2)
      aws-sdk-core (~> 3)
      aws-sdk-kms (~> 1)
      aws-sigv4 (~> 1.0)
    aws-sigv4 (1.0.3)
    bcrypt (3.1.12)
    benchmark-ips (2.7.2)
    bindex (0.5.0)
    bootstrap-sass (3.3.7)
      autoprefixer-rails (>= 5.2.1)
      sass (>= 3.3.4)
    bourbon (5.1.0)
      sass (~> 3.4)
      thor (~> 0.19)
    browser (2.5.2)
    builder (3.2.3)
    cancancan (1.17.0)
    canonical-rails (0.2.1)
      rails (>= 4.1, < 5.2)
    capybara (2.13.0)
      addressable
      mime-types (>= 1.16)
      nokogiri (>= 1.3.3)
      rack (>= 1.0.0)
      rack-test (>= 0.5.4)
      xpath (~> 2.0)
    carmen (1.1.1)
      activesupport (>= 3.0.0)
    celluloid (0.17.3)
      celluloid-essentials
      celluloid-extras
      celluloid-fsm
      celluloid-pool
      celluloid-supervision
      timers (>= 4.1.1)
    celluloid-essentials (0.20.5)
      timers (>= 4.1.1)
    celluloid-extras (0.20.5)
      timers (>= 4.1.1)
    celluloid-fsm (0.20.5)
      timers (>= 4.1.1)
    celluloid-pool (0.20.5)
      timers (>= 4.1.1)
    celluloid-supervision (0.20.6)
      timers (>= 4.1.1)
    childprocess (0.8.0)
      ffi (~> 1.0, >= 1.0.11)
    climate_control (0.2.0)
    coderay (1.1.2)
    coffee-rails (4.2.2)
      coffee-script (>= 2.2.0)
      railties (>= 4.0.0)
    coffee-script (2.4.1)
      coffee-script-source
      execjs
    coffee-script-source (1.12.2)
    concurrent-ruby (1.0.5)
    conekta (2.4.0)
      bundler (~> 1.3)
      faraday
      json
      rake
      sys-uname
    crass (1.0.4)
    dalli (2.7.6)
    data_migrate (5.2.0)
      rails (>= 4.2)
    database_cleaner (1.6.2)
    deface (1.3.0)
      nokogiri (~> 1.6)
      polyglot
      rails (>= 4.1)
      rainbow (>= 2.1.0)
    derailed_benchmarks (1.3.4)
      benchmark-ips (~> 2)
      get_process_mem (~> 0)
      heapy (~> 0)
      memory_profiler (~> 0)
      rack (>= 1)
      rake (> 10, < 13)
      thor (~> 0.19)
    devise (4.5.0)
      bcrypt (~> 3.0)
      orm_adapter (~> 0.1)
      railties (>= 4.1.0, < 6.0)
      responders
      warden (~> 1.2.3)
    devise-encryptable (0.2.0)
      devise (>= 2.1.0)
    devise-i18n (1.4.0)
      devise (>= 3.1)
    diff-lcs (1.3)
    docile (1.1.5)
    domain_name (0.5.20180417)
      unf (>= 0.0.5, < 1.0.0)
    erubi (1.7.1)
    ethon (0.11.0)
      ffi (>= 1.3.0)
    execjs (2.7.0)
    factory_bot (4.8.2)
      activesupport (>= 3.0.0)
    factory_bot_rails (4.8.2)
      factory_bot (~> 4.8.2)
      railties (>= 3.0.0)
    faraday (0.13.1)
      multipart-post (>= 1.2, < 3)
    faraday_middleware (0.12.2)
      faraday (>= 0.7.4, < 1.0)
    ffi (1.9.25)
    figaro (1.1.1)
      thor (~> 0.14)
    fixture_builder (0.5.0)
      activerecord (>= 2)
      activesupport (>= 2)
    font-awesome-rails (4.7.0.4)
      railties (>= 3.2, < 6.0)
    font-awesome-sass (4.7.0)
      sass (>= 3.2)
    friendly_id (5.2.4)
      activerecord (>= 4.0.0)
    get_process_mem (0.2.2)
    gibbon (3.2.0)
      faraday (>= 0.9.1)
      multi_json (>= 1.11.0)
    globalid (0.4.1)
      activesupport (>= 4.2.0)
    handlebars_assets (0.23.2)
      execjs (~> 2.0)
      sprockets (>= 2.0.0)
      tilt (>= 1.2)
    heapy (0.1.4)
    high_voltage (3.0.0)
    hitimes (1.2.6)
    http-cookie (1.0.3)
      domain_name (~> 0.5)
    i18n (0.9.5)
      concurrent-ruby (~> 1.0)
    i18n_data (0.7.0)
    jbuilder (2.7.0)
      activesupport (>= 4.2.0)
      multi_json (>= 1.2)
    jmespath (1.4.0)
    jqplot-rails (0.3)
      railties
    jquery-rails (4.3.3)
      rails-dom-testing (>= 1, < 3)
      railties (>= 4.2.0)
      thor (>= 0.14, < 2.0)
    jquery-slick-rails (1.8.1)
      railties (>= 3.1)
    jquery-ui-rails (5.0.5)
      railties (>= 3.2.16)
    json (2.1.0)
    kaminari (1.1.1)
      activesupport (>= 4.1.0)
      kaminari-actionview (= 1.1.1)
      kaminari-activerecord (= 1.1.1)
      kaminari-core (= 1.1.1)
    kaminari-actionview (1.1.1)
      actionview
      kaminari-core (= 1.1.1)
    kaminari-activerecord (1.1.1)
      activerecord
      kaminari-core (= 1.1.1)
    kaminari-core (1.1.1)
    kaminari-i18n (0.3.2)
      kaminari
      rails
    listen (3.1.5)
      rb-fsevent (~> 0.9, >= 0.9.4)
      rb-inotify (~> 0.9, >= 0.9.7)
      ruby_dep (~> 1.2)
    loofah (2.2.2)
      crass (~> 1.0.2)
      nokogiri (>= 1.5.9)
    mail (2.7.0)
      mini_mime (>= 0.1.1)
    memory_profiler (0.9.11)
    method_source (0.8.2)
    mime-types (3.2.2)
      mime-types-data (~> 3.2015)
    mime-types-data (3.2018.0812)
    mimemagic (0.3.2)
    mini_mime (1.0.1)
    mini_portile2 (2.3.0)
    minitest (5.11.3)
    modernizr-rails (2.7.1)
    monetize (1.9.0)
      money (~> 6.12)
    money (6.12.0)
      i18n (>= 0.6.4, < 1.1)
    multi_json (1.13.1)
    multipart-post (2.0.0)
    netrc (0.11.0)
    newrelic_rpm (4.0.0.332)
    nio4r (2.3.1)
    nokogiri (1.8.4)
      mini_portile2 (~> 2.3.0)
    oj (3.3.9)
    orm_adapter (0.5.0)
    paperclip (5.3.0)
      activemodel (>= 4.2.0)
      activesupport (>= 4.2.0)
      mime-types
      mimemagic (~> 0.3.0)
      terrapin (~> 0.6.0)
    parallel (1.12.1)
    paranoia (2.4.1)
      activerecord (>= 4.0, < 5.3)
    parser (2.4.0.2)
      ast (~> 2.3)
    paypal-sdk-core (0.2.10)
      multi_json (~> 1.0)
      xml-simple
    paypal-sdk-merchant (1.106.1)
      paypal-sdk-core (~> 0.2.3)
    pdf-core (0.2.5)
    pg (0.21.0)
    polyamorous (1.3.3)
      activerecord (>= 3.0)
    polyglot (0.3.5)
    powerpack (0.1.1)
    pr_geohash (1.0.0)
    prawn (1.0.0)
      pdf-core (~> 0.2.2)
      ttfunk (~> 1.1.1)
    pry (0.10.4)
      coderay (~> 1.1.0)
      method_source (~> 0.8.1)
      slop (~> 3.4)
    pry-rails (0.3.6)
      pry (>= 0.10.4)
    public_suffix (3.0.0)
    puma (3.12.2)
    puma_worker_killer (0.1.0)
      get_process_mem (~> 0.2)
      puma (>= 2.7, < 4)
    quantified (1.0.1)
    rack (2.0.5)
    rack-attack (5.0.1)
      rack
    rack-canonical-hostname (0.2)
    rack-test (1.1.0)
      rack (>= 1.0, < 3)
    rack-timeout (0.5.1)
    rails (5.1.6)
      actioncable (= 5.1.6)
      actionmailer (= 5.1.6)
      actionpack (= 5.1.6)
      actionview (= 5.1.6)
      activejob (= 5.1.6)
      activemodel (= 5.1.6)
      activerecord (= 5.1.6)
      activesupport (= 5.1.6)
      bundler (>= 1.3.0)
      railties (= 5.1.6)
      sprockets-rails (>= 2.0.0)
    rails-controller-testing (1.0.2)
      actionpack (~> 5.x, >= 5.0.1)
      actionview (~> 5.x, >= 5.0.1)
      activesupport (~> 5.x)
    rails-dom-testing (2.0.3)
      activesupport (>= 4.2.0)
      nokogiri (>= 1.6)
    rails-html-sanitizer (1.0.4)
      loofah (~> 2.2, >= 2.2.2)
    rails-i18n (5.0.4)
      i18n (~> 0.7)
      railties (~> 5.0)
    rails_12factor (0.0.3)
      rails_serve_static_assets
      rails_stdout_logging
    rails_autoscale_agent (0.3.1)
      activesupport (>= 3.2)
    rails_serve_static_assets (0.0.5)
    rails_stdout_logging (0.0.5)
    railties (5.1.6)
      actionpack (= 5.1.6)
      activesupport (= 5.1.6)
      method_source
      rake (>= 0.8.7)
      thor (>= 0.18.1, < 2.0)
    rainbow (3.0.0)
    rake (12.3.1)
    ransack (1.8.8)
      actionpack (>= 3.0)
      activerecord (>= 3.0)
      activesupport (>= 3.0)
      i18n
      polyamorous (~> 1.3.2)
    rb-fsevent (0.10.3)
    rb-inotify (0.9.10)
      ffi (>= 0.5.0, < 2)
    reek (1.3.7)
      rainbow
      ruby2ruby (~> 2.0.8)
      ruby_parser (~> 3.3)
      sexp_processor
    responders (2.4.0)
      actionpack (>= 4.2.0, < 5.3)
      railties (>= 4.2.0, < 5.3)
    rest-client (2.0.2)
      http-cookie (>= 1.0.2, < 2.0)
      mime-types (>= 1.16, < 4.0)
      netrc (~> 0.8)
    routing-filter (0.6.1)
      actionpack (>= 4.2, < 5.2)
      activesupport (>= 4.2, < 5.2)
    rsolr (2.1.0)
      builder (>= 2.1.2)
      faraday (>= 0.9.0)
    rspec-activemodel-mocks (1.0.3)
      activemodel (>= 3.0)
      activesupport (>= 3.0)
      rspec-mocks (>= 2.99, < 4.0)
    rspec-core (3.6.0)
      rspec-support (~> 3.6.0)
    rspec-expectations (3.6.0)
      diff-lcs (>= 1.2.0, < 2.0)
      rspec-support (~> 3.6.0)
    rspec-mocks (3.6.0)
      diff-lcs (>= 1.2.0, < 2.0)
      rspec-support (~> 3.6.0)
    rspec-rails (3.6.1)
      actionpack (>= 3.0)
      activesupport (>= 3.0)
      railties (>= 3.0)
      rspec-core (~> 3.6.0)
      rspec-expectations (~> 3.6.0)
      rspec-mocks (~> 3.6.0)
      rspec-support (~> 3.6.0)
    rspec-support (3.6.0)
    rspec_tap (0.1.0)
    rubocop (0.52.1)
      parallel (~> 1.10)
      parser (>= 2.4.0.2, < 3.0)
      powerpack (~> 0.1)
      rainbow (>= 2.2.2, < 4.0)
      ruby-progressbar (~> 1.7)
      unicode-display_width (~> 1.0, >= 1.0.1)
    ruby-progressbar (1.9.0)
    ruby2ruby (2.0.8)
      ruby_parser (~> 3.1)
      sexp_processor (~> 4.0)
    ruby_dep (1.5.0)
    ruby_parser (3.11.0)
      sexp_processor (~> 4.9)
    rubyzip (1.2.1)
    sass (3.5.7)
      sass-listen (~> 4.0.0)
    sass-listen (4.0.0)
      rb-fsevent (~> 0.9, >= 0.9.4)
      rb-inotify (~> 0.9, >= 0.9.7)
    sass-rails (5.0.7)
      railties (>= 4.0.0, < 6)
      sass (~> 3.1)
      sprockets (>= 2.8, < 4.0)
      sprockets-rails (>= 2.0, < 4.0)
      tilt (>= 1.1, < 3)
    selenium-webdriver (3.6.0)
      childprocess (~> 0.5)
      rubyzip (~> 1.0)
    sexp_processor (4.11.0)
    shoulda-matchers (3.1.2)
      activesupport (>= 4.0.0)
    simplecov (0.15.1)
      docile (~> 1.1.0)
      json (>= 1.8, < 3)
      simplecov-html (~> 0.10.0)
    simplecov-html (0.10.2)
    sitemap_generator (5.1.0)
      builder
    slop (3.6.0)
    solidus_support (0.2.1)
    spring (2.0.2)
      activesupport (>= 4.2)
    spring-commands-rspec (1.0.4)
      spring (>= 0.9.1)
    spring-watcher-listen (2.0.1)
      listen (>= 2.7, < 4.0)
      spring (>= 1.2, < 3.0)
    sprockets (3.7.2)
      concurrent-ruby (~> 1.0)
      rack (> 1, < 3)
    sprockets-rails (3.2.1)
      actionpack (>= 4.0)
      activesupport (>= 4.0)
      sprockets (>= 3.0.0)
    stackprof (0.2.12)
    state_machines (0.5.0)
    state_machines-activemodel (0.5.1)
      activemodel (>= 4.1, < 6.0)
      state_machines (>= 0.5.0)
    state_machines-activerecord (0.5.1)
      activerecord (>= 4.1, < 6.0)
      state_machines-activemodel (>= 0.5.0)
    stringex (1.5.1)
    sunspot (2.2.7)
      pr_geohash (~> 1.0)
      rsolr (>= 1.1.1, < 3)
    sunspot_rails (2.2.7)
      nokogiri
      rails (>= 3)
      sunspot (= 2.2.7)
    sunspot_solr (2.2.8)
    sys-uname (1.0.3)
      ffi (>= 1.0.0)
    terrapin (0.6.0)
      climate_control (>= 0.0.3, < 1.0)
    thor (0.20.0)
    thread_safe (0.3.6)
    tilt (2.0.8)
    timers (4.1.2)
      hitimes
    truncate_html (0.9.3)
    ttfunk (1.1.1)
    turbolinks (5.0.1)
      turbolinks-source (~> 5)
    turbolinks-source (5.0.3)
    typhoeus (0.8.0)
      ethon (>= 0.8.0)
    tzinfo (1.2.5)
      thread_safe (~> 0.1)
    uglifier (3.2.0)
      execjs (>= 0.3.0, < 3)
    unf (0.1.4)
      unf_ext
    unf_ext (0.0.7.5)
    unicode-display_width (1.3.0)
    warden (1.2.7)
      rack (>= 1.0)
    web-console (3.5.1)
      actionview (>= 5.0)
      activemodel (>= 5.0)
      bindex (>= 0.4.0)
      railties (>= 5.0)
    websocket-driver (0.6.5)
      websocket-extensions (>= 0.1.0)
    websocket-extensions (0.1.3)
    xml-simple (1.1.5)
    xpath (2.1.0)
      nokogiri (~> 1.3)

PLATFORMS
  ruby

DEPENDENCIES
  autoprefixer-rails
  aws-sdk-s3 (~> 1.8.2)
  bootstrap-sass
  browser
  capybara
  coffee-rails
  conekta
  dalli
  data_migrate
  database_cleaner
  derailed_benchmarks
  devise-i18n
  factory_bot_rails
  figaro
  fixture_builder
  font-awesome-sass
  gibbon
  high_voltage
  jbuilder
  jquery-rails
  jquery-slick-rails
  listen
  modernizr-rails
  multi_fetch_fragments!
  newrelic_rpm (= 4.0.0.332)
  pg
  pry-rails
  puma
  puma_worker_killer
  rack-attack
  rack-canonical-hostname
  rack-timeout
  rails
  rails-controller-testing
  rails_12factor
  rails_autoscale_agent
  reek
  rspec-activemodel-mocks
  rspec-rails
  rspec_tap
  rubocop
  sass-rails
  selenium-webdriver
  shoulda-matchers
  simplecov
  solidus!
  solidus_99minutos!
  solidus_active_shipping!
  solidus_auth_devise!
  solidus_banorte_payworks!
  solidus_conekta!
  solidus_dynamic_sitemaps!
  solidus_i18n!
  solidus_import_products!
  solidus_mercado_pago!
  solidus_newsletter!
  solidus_paypal_express!
  solidus_print_invoice!
  solidus_related_products!
  solidus_reviews!
  solidus_sale_prices!
  solidus_simple_dash!
  solidus_slider!
  solidus_static_content!
  solidus_trackers!
  spring
  spring-commands-rspec
  spring-watcher-listen
  sprockets-rails
  stackprof
  sunspot_rails
  sunspot_solr (= 2.2.8)
  turbolinks
  tzinfo-data
  uglifier
  web-console

RUBY VERSION
   ruby 2.4.9p362

BUNDLED WITH
   1.17.2
